GEM
  remote: https://rubygems.org/
  specs:
    builder (3.2.2)
    feedbag (0.9.5)
      nokogiri (~> 1.0)
    mini_portile2 (2.4.0)
    nokogiri (1.10.4)
      mini_portile2 (~> 2.4.0)

PLATFORMS
  ruby

DEPENDENCIES
  builder
  feedbag
  nokogiri

BUNDLED WITH
   2.1.4
